GEM
  remote: https://rubygems.org/
  specs:
    curses (1.5.3)

PLATFORMS
  arm64-darwin-23
  ruby

DEPENDENCIES
  curses

BUNDLED WITH
   2.5.22
